GIT
  remote: https://github.com/everypolitician/scraped.git
  revision: 859c5b2ff5cdeb6d166415ba2c092b422f687a7a
  specs:
    scraped (0.1.0)
      field_serializer (>= 0.3.0)
      nokogiri
      require_all

GEM
  remote: https://rubygems.org/
  specs:
    coderay (1.1.1)
    field_serializer (0.3.0)
    method_source (0.8.2)
    mini_portile2 (2.1.0)
    nokogiri (1.6.8.1)
      mini_portile2 (~> 2.1.0)
    pry (0.10.4)
      coderay (~> 1.1.0)
      method_source (~> 0.8.1)
      slop (~> 3.4)
    require_all (1.3.3)
    slop (3.6.0)

PLATFORMS
  ruby

DEPENDENCIES
  pry
  scraped!

RUBY VERSION
   ruby 2.3.1p112

BUNDLED WITH
   1.13.6
