GIT
  remote: https://github.com/everypolitician/scraped.git
  revision: 859c5b2ff5cdeb6d166415ba2c092b422f687a7a
  specs:
    scraped (0.1.0)
      field_serializer (>= 0.3.0)
      nokogiri
      require_all

GIT
  remote: https://github.com/everypolitician/scraped_page_archive.git
  revision: 28f93d74b1c11ef01463ad0e7f874050d2e7fc73
  specs:
    scraped_page_archive (0.5.0)
      git (~> 1.3.0)
      vcr-archive (~> 0.3.0)

GEM
  remote: https://rubygems.org/
  specs:
    addressable (2.5.0)
      public_suffix (~> 2.0, >= 2.0.2)
    coderay (1.1.1)
    crack (0.4.3)
      safe_yaml (~> 1.0.0)
    field_serializer (0.3.0)
    git (1.3.0)
    hashdiff (0.3.1)
    method_source (0.8.2)
    mini_portile2 (2.1.0)
    nokogiri (1.6.8.1)
      mini_portile2 (~> 2.1.0)
    pry (0.10.4)
      coderay (~> 1.1.0)
      method_source (~> 0.8.1)
      slop (~> 3.4)
    public_suffix (2.0.4)
    require_all (1.3.3)
    safe_yaml (1.0.4)
    slop (3.6.0)
    vcr (3.0.3)
    vcr-archive (0.3.0)
      vcr (~> 3.0.2)
      webmock (~> 2.0.3)
    webmock (2.0.3)
      addressable (>= 2.3.6)
      crack (>= 0.3.2)
      hashdiff

PLATFORMS
  ruby

DEPENDENCIES
  pry
  scraped!
  scraped_page_archive!

RUBY VERSION
   ruby 2.3.3p222

BUNDLED WITH
   1.13.6
